PATH
  remote: .
  specs:
    capistrano-notification (0.1.0)
      capistrano
      shout-bot
      validatable

GEM
  remote: http://rubygems.org/
  specs:
    addressable (2.2.6)
    capistrano (2.6.0)
      highline
      net-scp (>= 1.0.0)
      net-sftp (>= 2.0.0)
      net-ssh (>= 2.0.14)
      net-ssh-gateway (>= 1.1.0)
    diff-lcs (1.1.2)
    highline (1.6.2)
    net-scp (1.0.4)
      net-ssh (>= 1.99.1)
    net-sftp (2.0.5)
      net-ssh (>= 2.0.9)
    net-ssh (2.1.4)
    net-ssh-gateway (1.1.0)
      net-ssh (>= 1.99.1)
    rspec (2.6.0)
      rspec-core (~> 2.6.0)
      rspec-expectations (~> 2.6.0)
      rspec-mocks (~> 2.6.0)
    rspec-core (2.6.2)
    rspec-expectations (2.6.0)
      diff-lcs (~> 1.1.2)
    rspec-mocks (2.6.0)
    shout-bot (0.0.4)
      addressable
    validatable (1.6.7)

PLATFORMS
  ruby

DEPENDENCIES
  capistrano-notification!
  rspec
